GENERATE-LOAD-SCRIPTS: ON
NUGET
  remote: https://www.nuget.org/api/v2
    FSharp.Control.Reactive (4.0)
      FSharp.Core (>= 4.2.3) - restriction: || (>= net45) (>= netstandard2.0)
      System.Reactive (>= 3.1.1) - restriction: || (>= net45) (>= netstandard2.0)
    FSharp.Core (4.3.4) - restriction: || (>= net45) (>= netstandard2.0)
    Microsoft.NETCore.Platforms (2.0.2) - restriction: || (&& (>= netcoreapp2.0) (>= win81)) (&& (>= netcoreapp2.0) (>= wpa81)) (&& (< netstandard1.5) (>= netstandard2.0) (>= uap10.0)) (&& (>= netstandard2.0) (>= uap10.1)) (&& (>= netstandard2.0) (>= win81)) (&& (>= netstandard2.0) (>= wpa81))
    Microsoft.NETCore.Targets (2.0) - restriction: || (&& (< net45) (< netstandard1.2) (>= netstandard2.0) (< win8)) (&& (< net45) (>= netstandard2.0) (< win8) (< wpa81)) (&& (>= netstandard2.0) (< portable-net45+win8+wp8+wpa81))
    NETStandard.Library (2.0.3) - restriction: || (&& (>= netstandard2.0) (>= win81)) (&& (>= netstandard2.0) (>= wpa81))
      Microsoft.NETCore.Platforms (>= 1.1) - restriction: || (&& (>= net45) (< netstandard1.3)) (&& (< net45) (>= netstandard1.1) (< netstandard1.2) (< win8)) (&& (< net45) (>= netstandard1.2) (< netstandard1.3) (< win8) (< wpa81)) (&& (< net45) (>= netstandard1.3) (< netstandard1.4) (< win8) (< wpa81)) (&& (< net45) (>= netstandard1.4) (< netstandard1.5) (< win8) (< wpa81)) (&& (< net45) (>= netstandard1.5) (< netstandard1.6) (< win8) (< wpa81)) (&& (< net45) (>= netstandard1.6) (< netstandard2.0) (< win8) (< wpa81)) (&& (< net45) (>= netstandard2.0)) (&& (>= net46) (< netstandard1.4)) (>= net461) (>= netcoreapp2.0) (&& (>= netstandard1.0) (< portable-net45+win8+wpa81)) (&& (< netstandard1.0) (>= portable-net45+win8) (< win8)) (&& (< netstandard1.0) (< portable-net45+win8) (>= portable-net45+win8+wpa81)) (&& (< netstandard1.0) (>= portable-net45+win8+wp8+wpa81) (< portable-net45+win8+wpa81)) (&& (< netstandard1.0) (>= win8)) (&& (< netstandard1.3) (< win8) (>= wpa81)) (&& (< netstandard1.5) (>= uap10.0)) (>= uap10.1) (>= wp8)
    System.ComponentModel (4.3) - restriction: || (&& (>= net45) (>= netcoreapp1.0)) (&& (>= netstandard2.0) (>= win81)) (&& (>= netstandard2.0) (>= wpa81))
    System.Diagnostics.Contracts (4.3) - restriction: || (&& (>= net45) (>= netcoreapp1.0)) (&& (>= netstandard2.0) (>= win81)) (&& (>= netstandard2.0) (>= wpa81))
    System.Dynamic.Runtime (4.3) - restriction: || (&& (>= net45) (>= netcoreapp1.0)) (&& (>= netstandard2.0) (>= win81)) (&& (>= netstandard2.0) (>= wpa81))
    System.Reactive (3.1.1) - restriction: || (>= net45) (>= netstandard2.0)
      System.Reactive.PlatformServices (>= 3.1.1)
      System.Reactive.Windows.Threading (>= 3.1.1) - restriction: || (>= net45) (>= win81) (>= wpa81)
      System.Reactive.WindowsRuntime (>= 3.1.1) - restriction: || (>= win81) (>= wpa81)
    System.Reactive.Core (3.1.1) - restriction: || (>= net45) (&& (>= netstandard2.0) (>= win81)) (&& (>= netstandard2.0) (>= wpa81))
      System.ComponentModel (>= 4.0.1) - restriction: || (&& (< net45) (>= netstandard1.0)) (>= netcoreapp1.0)
      System.Diagnostics.Contracts (>= 4.0.1) - restriction: || (&& (< net45) (>= netstandard1.0)) (>= netcoreapp1.0)
      System.Dynamic.Runtime (>= 4.0.11) - restriction: || (&& (< net45) (>= netstandard1.0)) (>= netcoreapp1.0)
      System.Reactive.Interfaces (>= 3.1.1) - restriction: >= netstandard1.0
    System.Reactive.Interfaces (3.1.1) - restriction: || (>= net45) (&& (>= netstandard2.0) (>= win81)) (&& (>= netstandard2.0) (>= wpa81))
      NETStandard.Library (>= 1.6) - restriction: && (< net45) (>= netstandard1.0)
    System.Reactive.Linq (3.1.1) - restriction: || (>= net45) (>= netstandard2.0)
      System.Reactive.Core (>= 3.1.1) - restriction: >= netstandard1.0
      System.Runtime.InteropServices.WindowsRuntime (>= 4.0.1) - restriction: && (< net45) (>= netstandard1.0)
    System.Reactive.PlatformServices (3.1.1) - restriction: || (>= net45) (>= netstandard2.0)
      System.Reactive.Linq (>= 3.1.1)
    System.Reactive.Windows.Threading (3.1.1) - restriction: || (>= net45) (&& (>= netstandard2.0) (>= win81)) (&& (>= netstandard2.0) (>= wpa81))
      System.Reactive.Core (>= 3.1.1)
    System.Reactive.WindowsRuntime (3.1.1) - restriction: || (&& (>= net45) (>= win81)) (&& (>= net45) (>= wpa81)) (&& (>= netstandard2.0) (>= win81)) (&& (>= netstandard2.0) (>= wpa81))
      System.Reactive.Linq (>= 3.1.1)
    System.Runtime (4.3) - restriction: || (&& (< net45) (>= netstandard2.0) (< win8) (< wpa81)) (&& (>= netstandard2.0) (< portable-net45+win8+wp8+wpa81))
      Microsoft.NETCore.Platforms (>= 1.1) - restriction: || (&& (< monoandroid) (< monotouch) (< net45) (>= netstandard1.5) (< win8) (< wpa81) (< xamarinios) (< xamarinmac) (< xamarintvos) (< xamarinwatchos)) (&& (< monoandroid) (< net45) (>= netstandard1.0) (< netstandard1.2) (< win8) (< wp8)) (&& (< monoandroid) (< net45) (>= netstandard1.2) (< netstandard1.3) (< win8) (< wpa81)) (&& (< monoandroid) (< net45) (>= netstandard1.3) (< netstandard1.5) (< win8) (< wpa81)) (< portable-net45+win8+wp8+wpa81)
      Microsoft.NETCore.Targets (>= 1.1) - restriction: || (&& (< monoandroid) (< monotouch) (< net45) (>= netstandard1.5) (< win8) (< wpa81) (< xamarinios) (< xamarinmac) (< xamarintvos) (< xamarinwatchos)) (&& (< monoandroid) (< net45) (>= netstandard1.0) (< netstandard1.2) (< win8) (< wp8)) (&& (< monoandroid) (< net45) (>= netstandard1.2) (< netstandard1.3) (< win8) (< wpa81)) (&& (< monoandroid) (< net45) (>= netstandard1.3) (< netstandard1.5) (< win8) (< wpa81)) (< portable-net45+win8+wp8+wpa81)
    System.Runtime.InteropServices.WindowsRuntime (4.3) - restriction: && (< net45) (>= netstandard2.0)
      System.Runtime (>= 4.3) - restriction: || (&& (< monoandroid) (< monotouch) (< net45) (>= netstandard1.0) (< win8) (< wp8) (< wpa81) (< xamarinios) (< xamarinmac) (< xamarintvos) (< xamarinwatchos)) (< portable-net45+win8+wp8+wpa81)
